PATH
  remote: .
  specs:
    sidekiq-kawai (0.1.5)
      activesupport
      sidekiq (= 2.1.0)

GEM
  remote: http://rubygems.org/
  specs:
    activesupport (3.2.7)
      i18n (~> 0.6)
      multi_json (~> 1.0)
    celluloid (0.11.1)
      timers (>= 1.0.0)
    connection_pool (0.9.2)
    diff-lcs (1.1.3)
    i18n (0.6.0)
    multi_json (1.3.6)
    rake (0.9.2.2)
    redis (3.0.1)
    redis-namespace (1.2.0)
      redis (~> 3.0.0)
    rspec (2.11.0)
      rspec-core (~> 2.11.0)
      rspec-expectations (~> 2.11.0)
      rspec-mocks (~> 2.11.0)
    rspec-core (2.11.1)
    rspec-expectations (2.11.2)
      diff-lcs (~> 1.1.3)
    rspec-mocks (2.11.1)
    sidekiq (2.1.0)
      celluloid (~> 0.11.1)
      connection_pool (~> 0.9.2)
      multi_json (~> 1)
      redis (~> 3)
      redis-namespace
    timers (1.0.1)

PLATFORMS
  ruby

DEPENDENCIES
  rake
  rspec
  sidekiq-kawai!
